GEM
  remote: https://rubygems.org/
  specs:
    haml (4.0.7)
      tilt
    tilt (2.0.6)

PLATFORMS
  x64-mingw32

DEPENDENCIES
  haml

BUNDLED WITH
   1.14.6
